PATH
  remote: .
  specs:
    kotek-auth (0.1.0)
      jwt

GEM
  remote: https://rubygems.org/
  specs:
    diff-lcs (1.5.0)
    jwt (2.7.0)
    rake (12.3.3)
    rspec (3.12.0)
      rspec-core (~> 3.12.0)
      rspec-expectations (~> 3.12.0)
      rspec-mocks (~> 3.12.0)
    rspec-core (3.12.1)
      rspec-support (~> 3.12.0)
    rspec-expectations (3.12.2)
      diff-lcs (>= 1.2.0, < 2.0)
      rspec-support (~> 3.12.0)
    rspec-mocks (3.12.4)
      diff-lcs (>= 1.2.0, < 2.0)
      rspec-support (~> 3.12.0)
    rspec-support (3.12.0)

PLATFORMS
  ruby

DEPENDENCIES
  jwt (~> 2.6)
  kotek-auth!
  rake (~> 12.0)
  rspec (~> 3.0)

BUNDLED WITH
   2.1.4
